PATH
  remote: .
  specs:
    gala (0.3.2)
      openssl (~> 0.1)

GEM
  remote: https://rubygems.org/
  specs:
    minitest (5.11.3)
    openssl (0.1.0)
    rake (12.3.1)

PLATFORMS
  ruby

DEPENDENCIES
  bundler (~> 1.14)
  gala!
  minitest
  rake (~> 12.0)

BUNDLED WITH
   1.16.1
